GEM
  remote: https://rubygems.org/
  specs:
    execjs (2.8.1)
    rake (13.0.6)

PLATFORMS
  arm64-darwin-21

DEPENDENCIES
  execjs
  rake

BUNDLED WITH
   2.3.3
