GEM
  remote: https://rubygems.org/
  specs:
    execjs (2.8.1)

PLATFORMS
  arm64-darwin-21

DEPENDENCIES
  execjs

BUNDLED WITH
   2.3.3
